PATH
  remote: .
  specs:
    pulsar-client-ruby (0.1.0)

GEM
  remote: https://rubygems.org/
  specs:
    byebug (11.0.1)
    coderay (1.1.2)
    method_source (0.9.2)
    minitest (5.12.2)
    pry (0.12.2)
      coderay (~> 1.1.0)
      method_source (~> 0.9.0)
    pry-byebug (3.7.0)
      byebug (~> 11.0)
      pry (~> 0.10)
    rake (13.0.6)
    rake-compiler (1.0.8)
      rake

PLATFORMS
  ruby

DEPENDENCIES
  bundler (~> 1.17)
  minitest (~> 5.0)
  pry-byebug
  pulsar-client-ruby!
  rake (~> 13.0)
  rake-compiler (~> 1.0)

BUNDLED WITH
   1.17.2
