PATH
  remote: .
  specs:
    pulsar-client-ruby (0.1.0)

GEM
  remote: https://rubygems.org/
  specs:
    minitest (5.12.2)
    rake (10.5.0)
    rake-compiler (1.0.8)
      rake

PLATFORMS
  ruby

DEPENDENCIES
  bundler (~> 1.17)
  minitest (~> 5.0)
  pulsar-client-ruby!
  rake (~> 10.0)
  rake-compiler (~> 1.0)

BUNDLED WITH
   1.17.2
